GEM
  remote: https://rubygems.org/
  specs:
    diff-lcs (1.3)
    facter (2.5.0)
    faker (1.8.4)
      i18n (~> 0.5)
    faraday (0.9.2)
      multipart-post (>= 1.2, < 3)
    fast_gettext (1.1.0)
    gettext (3.2.3)
      locale (>= 2.0.5)
      text (>= 1.3.0)
    gettext-setup (0.26)
      fast_gettext (~> 1.1.0)
      gettext (>= 3.0.2)
      locale
    hiera (3.4.0)
    i18n (0.8.6)
    locale (2.1.2)
    macaddr (1.7.1)
      systemu (~> 2.6.2)
    metaclass (0.0.4)
    mocha (1.2.1)
      metaclass (~> 0.0.1)
    multipart-post (2.0.0)
    puppet (5.0.1)
      facter (> 2.0, < 4)
      gettext-setup (>= 0.10, < 1)
      hiera (>= 3.2.1, < 4)
      locale (~> 2.1)
    puppet-lint (2.3.0)
    puppet-syntax (2.4.1)
      rake
    puppetlabs_spec_helper (2.3.1)
      mocha (~> 1.0)
      puppet-lint (~> 2.0)
      puppet-syntax (~> 2.0)
      rspec-puppet (~> 2.0)
    rake (12.0.0)
    rspec (3.6.0)
      rspec-core (~> 3.6.0)
      rspec-expectations (~> 3.6.0)
      rspec-mocks (~> 3.6.0)
    rspec-core (3.6.0)
      rspec-support (~> 3.6.0)
    rspec-expectations (3.6.0)
      diff-lcs (>= 1.2.0, < 2.0)
      rspec-support (~> 3.6.0)
    rspec-mocks (3.6.0)
      diff-lcs (>= 1.2.0, < 2.0)
      rspec-support (~> 3.6.0)
    rspec-puppet (2.6.7)
      rspec
    rspec-support (3.6.0)
    systemu (2.6.5)
    text (1.3.1)
    uuid (2.3.8)
      macaddr (~> 1.0)
    xclarity_client (0.5.4)
      faker (~> 1.8.3)
      faraday (~> 0.9.2)
      uuid (~> 2.3.8)

PLATFORMS
  ruby

DEPENDENCIES
  facter (>= 1.7.0)
  puppet (>= 3.3)
  puppet-lint (>= 1.0.0)
  puppetlabs_spec_helper (>= 0.8.2)
  xclarity_client (>= 0.5.4)

BUNDLED WITH
   1.15.3
